GEM
  remote: http://rubygems.org/
  specs:
    activesupport (3.2.14)
      i18n (~> 0.6, >= 0.6.4)
      multi_json (~> 1.0)
    addressable (2.3.5)
    akami (1.2.0)
      gyoku (>= 0.4.0)
      nokogiri (>= 1.4.0)
    berkshelf (2.0.10)
      activesupport (~> 3.2.0)
      addressable (~> 2.3.4)
      buff-shell_out (~> 0.1)
      chozo (>= 0.6.1)
      faraday (>= 0.8.5)
      hashie (>= 2.0.2)
      minitar (~> 0.5.4)
      rbzip2 (~> 0.2.0)
      retryable (~> 1.3.3)
      ridley (~> 1.5.0)
      solve (>= 0.5.0)
      thor (~> 0.18.0)
    buff-config (0.4.0)
      buff-extensions (~> 0.3)
      varia_model (~> 0.1)
    buff-extensions (0.5.0)
    buff-ignore (1.1.0)
    buff-ruby_engine (0.1.0)
    buff-shell_out (0.1.0)
      buff-ruby_engine (~> 0.1.0)
    builder (3.2.2)
    celluloid (0.14.1)
      timers (>= 1.0.0)
    celluloid-io (0.14.1)
      celluloid (>= 0.14.1)
      nio4r (>= 0.4.5)
    chef (11.6.0)
      erubis
      highline (>= 1.6.9)
      json (>= 1.4.4, <= 1.7.7)
      mixlib-authentication (>= 1.3.0)
      mixlib-cli (~> 1.3.0)
      mixlib-config (>= 1.1.2)
      mixlib-log (>= 1.3.0)
      mixlib-shellout
      net-ssh (~> 2.6)
      net-ssh-multi (~> 1.1.0)
      ohai (>= 0.6.0)
      rest-client (>= 1.0.4, < 1.7.0)
      yajl-ruby (~> 1.1)
    chozo (0.6.1)
      activesupport (>= 3.2.0)
      hashie (>= 2.0.2)
      multi_json (>= 1.3.0)
    coderay (1.0.9)
    configliere (0.4.18)
      highline (>= 1.5.2)
      multi_json (>= 1.1)
    cucumber (1.3.8)
      builder (>= 2.1.2)
      diff-lcs (>= 1.1.3)
      gherkin (~> 2.12.1)
      multi_json (>= 1.7.5, < 2.0)
      multi_test (>= 0.0.2)
    diff-lcs (1.2.4)
    erubis (2.7.0)
    excon (0.21.0)
    faraday (0.8.8)
      multipart-post (~> 1.2.0)
    ffi (1.9.0)
    fog (1.11.1)
      builder
      excon (~> 0.20)
      formatador (~> 0.2.0)
      json (~> 1.7)
      mime-types
      net-scp (~> 1.1)
      net-ssh (>= 2.1.3)
      nokogiri (~> 1.5.0)
      ruby-hmac
    formatador (0.2.4)
    gherkin (2.12.1)
      multi_json (~> 1.3)
    git (1.2.6)
    github_api (0.10.1)
      addressable
      faraday (~> 0.8.1)
      hashie (>= 1.2)
      multi_json (~> 1.4)
      nokogiri (~> 1.5.2)
      oauth2
    gorillib (0.5.0)
      configliere (>= 0.4.13)
      json
      multi_json (>= 1.1)
    gssapi (1.0.3)
      ffi (>= 1.0.1)
    gyoku (1.1.0)
      builder (>= 2.1.2)
    hashie (2.0.5)
    highline (1.6.19)
    httpauth (0.2.0)
    httpclient (2.2.0.2)
    httpi (0.9.7)
      rack
    i18n (0.6.5)
    ipaddress (0.8.0)
    ironfan (4.12.2)
      chef (~> 11.4)
      excon (~> 0.21.0)
      fog
      formatador (~> 0.2)
      gorillib (~> 0.5.0)
      json
      rbvmomi
    jeweler (1.8.7)
      builder
      bundler (~> 1.0)
      git (>= 1.2.5)
      github_api (= 0.10.1)
      highline (>= 1.6.15)
      nokogiri (= 1.5.10)
      rake
      rdoc
    json (1.7.7)
    jwt (0.1.8)
      multi_json (>= 1.5)
    little-plugger (1.1.3)
    logging (1.6.2)
      little-plugger (>= 1.1.3)
    method_source (0.8.2)
    mime-types (1.25)
    minitar (0.5.4)
    mixlib-authentication (1.3.0)
      mixlib-log
    mixlib-cli (1.3.0)
    mixlib-config (2.0.0)
    mixlib-log (1.6.0)
    mixlib-shellout (1.2.0)
    multi_json (1.8.1)
    multi_test (0.0.2)
    multi_xml (0.5.5)
    multipart-post (1.2.0)
    net-http-persistent (2.9)
    net-scp (1.1.2)
      net-ssh (>= 2.6.5)
    net-ssh (2.7.0)
    net-ssh-gateway (1.2.0)
      net-ssh (>= 2.6.5)
    net-ssh-multi (1.1)
      net-ssh (>= 2.1.4)
      net-ssh-gateway (>= 0.99.0)
    nio4r (0.5.0)
    nokogiri (1.5.10)
    nori (1.1.5)
    oauth2 (0.9.2)
      faraday (~> 0.8)
      httpauth (~> 0.2)
      jwt (~> 0.1.4)
      multi_json (~> 1.0)
      multi_xml (~> 0.5)
      rack (~> 1.2)
    ohai (6.18.0)
      ipaddress
      mixlib-cli
      mixlib-config
      mixlib-log
      mixlib-shellout
      systemu
      yajl-ruby
    parseconfig (1.0.2)
    pry (0.9.12.2)
      coderay (~> 1.0.5)
      method_source (~> 0.8)
      slop (~> 3.4)
    rack (1.5.2)
    rake (10.1.0)
    rbvmomi (1.6.0)
      builder
      nokogiri (>= 1.4.1)
      trollop
    rbzip2 (0.2.0)
    rdoc (4.0.1)
      json (~> 1.4)
    redcarpet (2.3.0)
    rest-client (1.6.7)
      mime-types (>= 1.16)
    retryable (1.3.3)
    ridley (1.5.3)
      addressable
      buff-config (~> 0.2)
      buff-extensions (~> 0.3)
      buff-ignore (~> 1.1)
      buff-shell_out (~> 0.1)
      celluloid (~> 0.14.0)
      celluloid-io (~> 0.14.0)
      erubis
      faraday (>= 0.8.4)
      hashie (>= 2.0.2)
      json (>= 1.7.7)
      mixlib-authentication (>= 1.3.0)
      net-http-persistent (>= 2.8)
      net-ssh
      nio4r (>= 0.5.0)
      retryable
      solve (>= 0.4.4)
      varia_model (~> 0.1)
      winrm (~> 1.1.0)
    rspec (2.14.1)
      rspec-core (~> 2.14.0)
      rspec-expectations (~> 2.14.0)
      rspec-mocks (~> 2.14.0)
    rspec-core (2.14.5)
    rspec-expectations (2.14.3)
      diff-lcs (>= 1.1.3, < 2.0)
    rspec-mocks (2.14.3)
    ruby-hmac (0.4.0)
    ruby_gntp (0.3.4)
    rubyntlm (0.1.1)
    savon (0.9.5)
      akami (~> 1.0)
      builder (>= 2.1.2)
      gyoku (>= 0.4.0)
      httpi (~> 0.9)
      nokogiri (>= 1.4.0)
      nori (~> 1.0)
      wasabi (~> 1.0)
    slop (3.4.6)
    solve (0.8.1)
    systemu (2.5.2)
    thor (0.18.1)
    timers (1.1.0)
    trollop (2.0)
    uuidtools (2.1.4)
    varia_model (0.2.0)
      buff-extensions (~> 0.2)
      hashie (>= 2.0.2)
    wasabi (1.0.0)
      nokogiri (>= 1.4.0)
    winrm (1.1.2)
      gssapi (~> 1.0.0)
      httpclient (~> 2.2.0.2)
      logging (~> 1.6.1)
      nokogiri (~> 1.5.0)
      rubyntlm (~> 0.1.1)
      savon (= 0.9.5)
      uuidtools (~> 2.1.2)
    yajl-ruby (1.1.0)
    yard (0.8.7.2)

PLATFORMS
  ruby

DEPENDENCIES
  berkshelf (~> 2.0.10)
  bundler (~> 1)
  chef (~> 11.6.0)
  cucumber (~> 1.1)
  ironfan (~> 4.12.2)
  jeweler
  json (= 1.7.7)
  parseconfig
  pry
  rake
  redcarpet (~> 2)
  rspec (~> 2.5)
  ruby_gntp
  yard (~> 0.6)
